NUGET
  remote: https://nuget.org/api/v2
  specs:
    FsUnit.xUnit (1.3.0.1)
      xunit (>= 1.9.1 < 3.0) - framework: net20, >= net40, >= net45
    Http.fs (1.5.1)
    Unquote (2.2.2)
    xunit (1.9.2) - framework: net20, >= net40, >= net45
